GEM
  remote: http://rubygems.org/
  specs:
    aws-sdk (1.7.1)
      httparty (~> 0.7)
      json (~> 1.4)
      nokogiri (>= 1.4.4)
      uuidtools (~> 2.1)
    color-generator (0.0.2)
    diff-lcs (1.1.3)
    httparty (0.9.0)
      multi_json (~> 1.0)
      multi_xml
    json (1.7.5-java)
    multi_json (1.3.7)
    multi_xml (0.5.1)
    net-ssh (2.6.2)
    netty-jars (3.5.5-java)
    nokogiri (1.5.5-java)
    rspec (2.12.0)
      rspec-core (~> 2.12.0)
      rspec-expectations (~> 2.12.0)
      rspec-mocks (~> 2.12.0)
    rspec-core (2.12.0)
    rspec-expectations (2.12.0)
      diff-lcs (~> 1.1.3)
    rspec-mocks (2.12.0)
    uuidtools (2.1.3)
    webbit-jars (0.4.14-java)
      netty-jars (~> 3.5.0)

PLATFORMS
  java

DEPENDENCIES
  aws-sdk
  color-generator
  net-ssh
  nokogiri
  rspec
  webbit-jars (>= 0.4.14)
